GEM
  remote: https://rubygems.org/
  specs:
    ast (2.3.0)
    awesome_print (1.8.0)
    childprocess (0.8.0)
      ffi (~> 1.0, >= 1.0.11)
    faraday (0.13.1)
      multipart-post (>= 1.2, < 3)
    ffi (1.9.18)
    ffi (1.9.18-x64-mingw32)
    logger (1.2.8)
    multipart-post (2.0.0)
    oj (3.3.9)
    parallel (1.12.1)
    parser (2.4.0.2)
      ast (~> 2.3)
    powerpack (0.1.1)
    rainbow (3.0.0)
    rubocop (0.52.0)
      parallel (~> 1.10)
      parser (>= 2.4.0.2, < 3.0)
      powerpack (~> 0.1)
      rainbow (>= 2.2.2, < 4.0)
      ruby-progressbar (~> 1.7)
      unicode-display_width (~> 1.0, >= 1.0.1)
    ruby-progressbar (1.9.0)
    rubyzip (1.2.1)
    selenium-webdriver (3.8.0)
      childprocess (~> 0.5)
      rubyzip (~> 1.0)
    togglv8 (1.2.1)
      faraday
      logger
      oj
    unicode-display_width (1.3.0)

PLATFORMS
  ruby
  x64-mingw32

DEPENDENCIES
  awesome_print
  bundler
  rubocop
  selenium-webdriver
  togglv8

BUNDLED WITH
   1.16.0
